NUGET
  remote: https://nuget.org/api/v2
  specs:
    FAKE (3.34.3)
    NUnit (2.6.4)
    NUnit.Runners (2.6.4)
